GEM
  remote: https://rubygems.org/
  specs:
    coffee-script (2.2.0)
      coffee-script-source
      execjs
    coffee-script-source (1.6.2)
    execjs (1.4.0)
      multi_json (~> 1.0)
    haml (4.0.2)
      tilt
    kramdown (1.0.1)
    logutils (0.6.0)
    markdown (1.0.0)
      kramdown (>= 0.13.7)
      props (>= 1.0.0)
      textutils (>= 0.2.0)
    multi_json (1.7.2)
    props (1.0.0)
    redcarpet (3.1.1)
    sass (3.2.8)
    textutils (0.5.5)
      logutils (~> 0.5)
    tilt (1.3.7)

PLATFORMS
  ruby

DEPENDENCIES
  coffee-script
  haml
  markdown
  redcarpet
  sass
